GIT
  remote: https://github.com/arp/activerecord-redshift-adapter.git
  revision: 734e34e5ea88c040e665144f579ecb0664d75efc
  branch: rails4-compatibility
  specs:
    activerecord-redshift-adapter (0.9.12)
      activerecord (>= 3.0.0)
      activesupport (>= 3.0.0)
      arel (>= 3.0.0)
      pg

GIT
  remote: https://github.com/dkhofer/partitioned.git
  revision: 4ff50a00a1b0957cd0116569b78ef0d0b522f652
  branch: rails-4-2
  specs:
    partitioned (2.1.0)
      activerecord (~> 4.2.1)
      activerecord-redshift-adapter
      bulk_data_methods
      pg

GEM
  remote: http://rubygems.org/
  specs:
    Indirizzo (0.1.7)
    actionmailer (4.2.8)
      actionpack (= 4.2.8)
      actionview (= 4.2.8)
      activejob (= 4.2.8)
      mail (~> 2.5, >= 2.5.4)
      rails-dom-testing (~> 1.0, >= 1.0.5)
    actionpack (4.2.8)
      actionview (= 4.2.8)
      activesupport (= 4.2.8)
      rack (~> 1.6)
      rack-test (~> 0.6.2)
      rails-dom-testing (~> 1.0, >= 1.0.5)
      rails-html-sanitizer (~> 1.0, >= 1.0.2)
    actionview (4.2.8)
      activesupport (= 4.2.8)
      builder (~> 3.1)
      erubis (~> 2.7.0)
      rails-dom-testing (~> 1.0, >= 1.0.5)
      rails-html-sanitizer (~> 1.0, >= 1.0.3)
    active_model_serializers (0.10.9)
      actionpack (>= 4.1, < 6)
      activemodel (>= 4.1, < 6)
      case_transform (>= 0.2)
      jsonapi-renderer (>= 0.1.1.beta1, < 0.3)
    activejob (4.2.8)
      activesupport (= 4.2.8)
      globalid (>= 0.3.0)
    activemodel (4.2.8)
      activesupport (= 4.2.8)
      builder (~> 3.1)
    activerecord (4.2.8)
      activemodel (= 4.2.8)
      activesupport (= 4.2.8)
      arel (~> 6.0)
    activesupport (4.2.8)
      i18n (~> 0.7)
      minitest (~> 5.1)
      thread_safe (~> 0.3, >= 0.3.4)
      tzinfo (~> 1.1)
    akami (1.3.1)
      gyoku (>= 0.4.0)
      nokogiri
    arel (6.0.4)
    autoprefixer-rails (9.5.0)
      execjs
    awesome_print (1.8.0)
    aws-eventstream (1.0.2)
    aws-partitions (1.146.0)
    aws-sdk-core (3.48.2)
      aws-eventstream (~> 1.0, >= 1.0.2)
      aws-partitions (~> 1.0)
      aws-sigv4 (~> 1.1)
      jmespath (~> 1.0)
    aws-sdk-sqs (1.13.0)
      aws-sdk-core (~> 3, >= 3.48.2)
      aws-sigv4 (~> 1.1)
    aws-sigv4 (1.1.0)
      aws-eventstream (~> 1.0, >= 1.0.2)
    bcrypt (3.1.12)
    better_errors (2.5.1)
      coderay (>= 1.0.0)
      erubi (>= 1.0.0)
      rack (>= 0.9.0)
    binding_of_caller (0.8.0)
      debug_inspector (>= 0.0.1)
    bootstrap-datepicker-rails (1.8.0.1)
      railties (>= 3.0)
    bootstrap-sass (3.3.7)
      autoprefixer-rails (>= 5.2.1)
      sass (>= 3.3.4)
    builder (3.2.3)
    bulk_data_methods (1.1.2)
      activerecord (>= 3.0.0)
      pg
    byebug (11.0.1)
    case_transform (0.2)
      activesupport
    chartkick (3.0.2)
    choice (0.2.0)
    coderay (1.1.2)
    coffee-rails (4.2.2)
      coffee-script (>= 2.2.0)
      railties (>= 4.0.0)
    coffee-script (2.4.1)
      coffee-script-source
      execjs
    coffee-script-source (1.12.2)
    concurrent-ruby (1.1.5)
    crass (1.0.4)
    debug_inspector (0.0.3)
    devise (4.6.1)
      bcrypt (~> 3.0)
      orm_adapter (~> 0.1)
      railties (>= 4.1.0, < 6.0)
      responders
      warden (~> 1.2.3)
    erubi (1.8.0)
    erubis (2.7.0)
    execjs (2.7.0)
    ffi (1.10.0)
    font-awesome-rails (4.7.0.4)
      railties (>= 3.2, < 6.0)
    geocoder (1.5.1)
    globalid (0.4.2)
      activesupport (>= 4.2.0)
    groupdate (4.1.1)
      activesupport (>= 4.2)
    gyoku (1.3.1)
      builder (>= 2.1.2)
    haml (5.0.4)
      temple (>= 0.8.0)
      tilt
    haml-rails (1.0.0)
      actionpack (>= 4.0.1)
      activesupport (>= 4.0.1)
      haml (>= 4.0.6, < 6.0)
      html2haml (>= 1.0.1)
      railties (>= 4.0.1)
    holidays (6.6.1)
    html2haml (2.2.0)
      erubis (~> 2.7.0)
      haml (>= 4.0, < 6)
      nokogiri (>= 1.6.0)
      ruby_parser (~> 3.5)
    httpi (2.4.4)
      rack
      socksify
    i18n (0.9.5)
      concurrent-ruby (~> 1.0)
    jbuilder (2.8.0)
      activesupport (>= 4.2.0)
      multi_json (>= 1.2)
    jmespath (1.4.0)
    jquery-rails (4.3.3)
      rails-dom-testing (>= 1, < 3)
      railties (>= 4.2.0)
      thor (>= 0.14, < 2.0)
    jquery-ui-rails (6.0.1)
      railties (>= 3.2.16)
    jsonapi-renderer (0.2.0)
    kaminari (0.16.3)
      actionpack (>= 3.0.0)
      activesupport (>= 3.0.0)
    libv8 (3.16.14.19)
    listen (3.0.8)
      rb-fsevent (~> 0.9, >= 0.9.4)
      rb-inotify (~> 0.9, >= 0.9.7)
    loofah (2.2.3)
      crass (~> 1.0.2)
      nokogiri (>= 1.5.9)
    mail (2.7.1)
      mini_mime (>= 0.1.1)
    mini_mime (1.0.1)
    mini_portile2 (2.4.0)
    minitest (5.11.3)
    multi_json (1.13.1)
    nokogiri (1.10.1)
      mini_portile2 (~> 2.4.0)
    nori (2.6.0)
    orm_adapter (0.5.0)
    pg (0.21.0)
    puma (3.12.1)
    rack (1.6.11)
    rack-cors (1.0.2)
    rack-test (0.6.3)
      rack (>= 1.0)
    rails (4.2.8)
      actionmailer (= 4.2.8)
      actionpack (= 4.2.8)
      actionview (= 4.2.8)
      activejob (= 4.2.8)
      activemodel (= 4.2.8)
      activerecord (= 4.2.8)
      activesupport (= 4.2.8)
      bundler (>= 1.3.0, < 2.0)
      railties (= 4.2.8)
      sprockets-rails
    rails-deprecated_sanitizer (1.0.3)
      activesupport (>= 4.2.0.alpha)
    rails-dom-testing (1.0.9)
      activesupport (>= 4.2.0, < 5.0)
      nokogiri (~> 1.6)
      rails-deprecated_sanitizer (>= 1.0.1)
    rails-erd (1.5.2)
      activerecord (>= 3.2)
      activesupport (>= 3.2)
      choice (~> 0.2.0)
      ruby-graphviz (~> 1.2)
    rails-html-sanitizer (1.0.4)
      loofah (~> 2.2, >= 2.2.2)
    railties (4.2.8)
      actionpack (= 4.2.8)
      activesupport (= 4.2.8)
      rake (>= 0.8.7)
      thor (>= 0.18.1, < 2.0)
    rake (12.3.2)
    rb-fsevent (0.10.3)
    rb-inotify (0.10.0)
      ffi (~> 1.0)
    ref (2.0.0)
    responders (2.4.1)
      actionpack (>= 4.2.0, < 6.0)
      railties (>= 4.2.0, < 6.0)
    rgeo (2.0.1)
    rgeo-geojson (2.1.1)
      rgeo (>= 1.0.0)
    ruby-graphviz (1.2.4)
    ruby_parser (3.13.0)
      sexp_processor (~> 4.9)
    sass (3.7.3)
      sass-listen (~> 4.0.0)
    sass-listen (4.0.0)
      rb-fsevent (~> 0.9, >= 0.9.4)
      rb-inotify (~> 0.9, >= 0.9.7)
    sass-rails (5.0.7)
      railties (>= 4.0.0, < 6)
      sass (~> 3.1)
      sprockets (>= 2.8, < 4.0)
      sprockets-rails (>= 2.0, < 4.0)
      tilt (>= 1.1, < 3)
    savon (2.12.0)
      akami (~> 1.2)
      builder (>= 2.1.2)
      gyoku (~> 1.2)
      httpi (~> 2.3)
      nokogiri (>= 1.8.1)
      nori (~> 2.4)
      wasabi (~> 3.4)
    sexp_processor (4.12.0)
    shoryuken (4.0.3)
      aws-sdk-core (>= 2)
      concurrent-ruby
      thor
    simple_form (4.0.0)
      actionpack (> 4)
      activemodel (> 4)
    socksify (1.7.1)
    sprockets (3.7.2)
      concurrent-ruby (~> 1.0)
      rack (> 1, < 3)
    sprockets-rails (3.2.1)
      actionpack (>= 4.0)
      activesupport (>= 4.0)
      sprockets (>= 3.0.0)
    temple (0.8.1)
    therubyracer (0.12.3)
      libv8 (~> 3.16.14.15)
      ref
    thor (0.20.3)
    thread_safe (0.3.6)
    tilt (2.0.9)
    turbolinks (5.2.0)
      turbolinks-source (~> 5.2)
    turbolinks-source (5.2.0)
    tzinfo (1.2.5)
      thread_safe (~> 0.1)
    uglifier (4.1.20)
      execjs (>= 0.3.0, < 3)
    warden (1.2.7)
      rack (>= 1.0)
    wasabi (3.5.0)
      httpi (~> 2.0)
      nokogiri (>= 1.4.2)
    web-console (3.3.0)
      activemodel (>= 4.2)
      debug_inspector
      railties (>= 4.2)

PLATFORMS
  ruby

DEPENDENCIES
  Indirizzo
  active_model_serializers (~> 0.10.0)
  activerecord-redshift-adapter!
  autoprefixer-rails
  awesome_print
  aws-sdk-sqs
  better_errors
  binding_of_caller
  bootstrap-datepicker-rails
  bootstrap-sass (~> 3.3.6)
  byebug
  chartkick
  coffee-rails (~> 4.2)
  devise
  execjs
  font-awesome-rails
  geocoder (~> 1.4, >= 1.4.4)
  groupdate
  haml-rails
  holidays (~> 6.2)
  jbuilder (~> 2.5)
  jquery-rails
  jquery-ui-rails
  kaminari (~> 0.16.1)
  listen (~> 3.0.5)
  mail
  partitioned!
  pg (~> 0.18)
  puma (~> 3.0)
  rack-cors
  rails (= 4.2.8)
  rails-erd
  rgeo
  rgeo-geojson
  sass-rails (~> 5.0)
  savon
  shoryuken (= 4.0.3)
  simple_form
  therubyracer
  turbolinks (~> 5)
  tzinfo-data
  uglifier (>= 1.3.0)
  web-console (>= 3.3.0)

RUBY VERSION
   ruby 2.4.0p0

BUNDLED WITH
   1.16.1
